GIT
  remote: git://github.com/gswallow/sfn.git
  revision: c7c68bfdc7c5f0914865b4151cea3aa165f02adf
  branch: develop
  specs:
    sfn (0.3.9)
      bogo-cli (~> 0.1.16)
      miasma (~> 0.2.20)
      miasma-aws (~> 0.1.8)
      net-ssh
      sparkle_formation (>= 0.2.8)

GEM
  remote: https://rubygems.org/
  specs:
    addressable (2.3.8)
    attribute_struct (0.2.8)
    aws (2.10.2)
      http_connection
      uuidtools
      xml-simple
    bogo (0.1.24)
      hashie
      multi_json
    bogo-cli (0.1.20)
      bogo (>= 0.1.6)
      bogo-config
      bogo-ui
      slop (~> 3)
    bogo-config (0.1.12)
      attribute_struct
      bogo (>= 0.1.4, < 1.0)
      multi_json
      multi_xml
    bogo-ui (0.1.10)
      bogo
      command_line_reporter
      paint
    colored (1.2)
    command_line_reporter (3.3.5)
      colored (>= 1.2)
    diff-lcs (1.2.5)
    domain_name (0.5.24)
      unf (>= 0.0.5, < 1.0.0)
    hashie (3.4.1)
    http (0.8.10)
      addressable (~> 2.3)
      http-cookie (~> 1.0)
      http-form_data (~> 1.0.1)
      http_parser.rb (~> 0.6.0)
    http-cookie (1.0.2)
      domain_name (~> 0.5)
    http-form_data (1.0.1)
    http_connection (1.4.4)
    http_parser.rb (0.6.0)
    miasma (0.2.26)
      bogo (>= 0.1.20, < 1.0)
      http
      miasma-aws
      miasma-open-stack
      miasma-rackspace
      multi_json
      multi_xml
      xml-simple
    miasma-aws (0.1.12)
    miasma-open-stack (0.1.2)
    miasma-rackspace (0.1.2)
      miasma-open-stack
    multi_json (1.10.0)
    multi_xml (0.5.5)
    net-ssh (2.9.2)
    paint (1.0.0)
    rake (10.3.2)
    rspec (2.14.1)
      rspec-core (~> 2.14.0)
      rspec-expectations (~> 2.14.0)
      rspec-mocks (~> 2.14.0)
    rspec-core (2.14.8)
    rspec-expectations (2.14.5)
      diff-lcs (>= 1.1.3, < 2.0)
    rspec-mocks (2.14.6)
    slop (3.6.0)
    sparkle_formation (0.2.10)
      attribute_struct (~> 0.2.2)
      multi_json
    trollop (2.1.1)
    unf (0.1.4)
      unf_ext
    unf_ext (0.0.7.1)
    uuidtools (2.1.4)
    xml-simple (1.1.4)

PLATFORMS
  ruby

DEPENDENCIES
  aws
  rake
  rspec
  sfn!
  sparkle_formation
  trollop
